RESTRICTION: >= net40
NUGET
  remote: https://www.nuget.org/api/v2
    FAKE (4.63.2)
    FSharp.Compiler.Service (2.0.0.6)
    FSharp.Core (3.1.2.5) - redirects: force
    FSharp.Formatting (2.14.4)
      FSharp.Compiler.Service (2.0.0.6)
      FSharpVSPowerTools.Core (>= 2.3 < 2.4)
    FSharpVSPowerTools.Core (2.3)
      FSharp.Compiler.Service (>= 2.0.0.3)
    Microsoft.AspNet.Razor (2.0.30506) - restriction: && (>= net40) (< net45)
    Microsoft.Bcl (1.1.10) - restriction: && (>= net40) (< net45) (< portable-win81+wpa81)
      Microsoft.Bcl.Build (>= 1.0.14)
    Microsoft.Bcl.Build (1.0.21) - import_targets: false, restriction: && (>= net40) (< net45) (< portable-win81+wpa81)
    Microsoft.Net.Http (2.2.29) - restriction: && (>= net40) (< net45) (< portable-win81+wpa81)
      Microsoft.Bcl (>= 1.1.10)
      Microsoft.Bcl.Build (>= 1.0.14)
    NuGet.CommandLine (2.12)
    NUnit (2.6.4)
    NUnit.Runners (2.6.4)
    Octokit (0.21.1)
      Microsoft.Net.Http  - restriction: && (>= net40) (< net45) (< portable-win81+wpa81)
    RazorEngine (3.9)
      Microsoft.AspNet.Razor (>= 3.0) - restriction: >= net45
      Microsoft.AspNet.Razor (2.0.30506) - restriction: && (>= net40) (< net45)
    SourceLink.Fake (1.1)
GITHUB
  remote: fsharp/FAKE
    modules/Octokit/Octokit.fsx (148ad51769517ceb281b07654fbfb25898d8fde0)
      Octokit (>= 0.20)
GROUP Scripts
RESTRICTION: >= net40
NUGET
  remote: https://www.nuget.org/api/v2
    FirebirdSql.Data.FirebirdClient (5.9.0.1)
      Microsoft.Bcl.Async (>= 1.0.168) - restriction: == net40
    Microsoft.Bcl (1.1.10) - restriction: == net40
      Microsoft.Bcl.Build (>= 1.0.14)
    Microsoft.Bcl.Async (1.0.168) - restriction: == net40
      Microsoft.Bcl (>= 1.1.8)
    Microsoft.Bcl.Build (1.0.21) - import_targets: false, restriction: == net40
    MySql.Data (6.9.9)
    Newtonsoft.Json (9.0.1)
    Npgsql (3.1.7)
    Oracle.ManagedDataAccess (12.1.24160419)

GROUP SourceFiles

GITHUB
  remote: fsprojects/FSharp.TypeProviders.StarterPack
    src/AssemblyReader.fs (c372debaa7ef4febfe16d98dec765d74640bbe82)
    src/AssemblyReaderReflection.fs (c372debaa7ef4febfe16d98dec765d74640bbe82)
    src/ProvidedTypes.fs (c372debaa7ef4febfe16d98dec765d74640bbe82)
    src/ProvidedTypes.fsi (c372debaa7ef4febfe16d98dec765d74640bbe82)
    src/ProvidedTypesContext.fs (c372debaa7ef4febfe16d98dec765d74640bbe82)
  remote: Thorium/Linq.Expression.Optimizer
    src/Code/ExpressionOptimizer.fs (297f7d9f75c7d8d86b1d00bae0b535d8e48f572d)