FRAMEWORK: >= NET40
NUGET
  remote: https://www.nuget.org/api/v2
    FAKE (4.58.6)
    FSharp.Compiler.Service (2.0.0.6)
    FSharp.Core (3.1.2.1) - redirects: force
    FSharp.Formatting (2.14.4)
      FSharp.Compiler.Service (2.0.0.6)
      FSharpVSPowerTools.Core (>= 2.3 < 2.4)
    FSharpVSPowerTools.Core (2.3)
      FSharp.Compiler.Service (>= 2.0.0.3)
    Microsoft.AspNet.Razor (2.0.30506) - framework: net40
    Microsoft.Bcl (1.1.10) - framework: net40, net40-full
      Microsoft.Bcl.Build (>= 1.0.14)
    Microsoft.Bcl.Build (1.0.21) - import_targets: false
    Microsoft.Net.Http (2.2.29) - framework: net40, net40-full
      Microsoft.Bcl (>= 1.1.10)
      Microsoft.Bcl.Build (>= 1.0.14)
    NuGet.CommandLine (2.12)
    NUnit (2.6.4)
    NUnit.Runners (2.6.4)
    Octokit (0.21.1)
      Microsoft.Net.Http  - framework: net40, net40-full
    RazorEngine (3.9)
      Microsoft.AspNet.Razor (>= 3.0) - framework: >= net45
      Microsoft.AspNet.Razor (2.0.30506) - framework: net40
    SourceLink.Fake (1.1)
GITHUB
  remote: fsharp/FAKE
    modules/Octokit/Octokit.fsx (dad2dec00064233e9742b458d96fe64708f3be8a)
      Octokit (>= 0.20)
GROUP Scripts
FRAMEWORK: >= NET40
NUGET
  remote: https://www.nuget.org/api/v2
    MySql.Data (6.9.9)
    Newtonsoft.Json (9.0.1)
    Npgsql (3.1.7)
    Oracle.ManagedDataAccess (12.1.24160419)

GROUP SourceFiles

GITHUB
  remote: fsprojects/FSharp.TypeProviders.StarterPack
    src/ProvidedTypes.fs (45f4d8780b3213ef61ba4fccc716cd495565c1a4)
    src/ProvidedTypes.fsi (45f4d8780b3213ef61ba4fccc716cd495565c1a4)
  remote: Thorium/Linq.Expression.Optimizer
    src/Code/ExpressionOptimizer.fs (b494733a57be4988cda349b65b5089db77ba00d6)