NUGET
  remote: https://nuget.org/api/v2
  specs:
    FAKE (4.9.3)
    FSharp.Compiler.Service (1.4.0.6)
    FSharp.Core (3.1.2.1)
    FSharp.Formatting (2.12.0)
      FSharp.Compiler.Service (1.4.0.6)
      FSharpVSPowerTools.Core (2.1.0)
    FSharpVSPowerTools.Core (2.1.0)
      FSharp.Compiler.Service (>= 1.4.0.6)
    Microsoft.AspNet.Razor (3.2.3) - framework: >= net45
    Microsoft.Bcl (1.1.10)
      Microsoft.Bcl.Build (>= 1.0.14)
    Microsoft.Bcl.Build (1.0.21) - import_targets: false
    Microsoft.Net.Http (2.2.29)
      Microsoft.Bcl (>= 1.1.10)
      Microsoft.Bcl.Build (>= 1.0.14)
    NuGet.CommandLine (2.8.6)
    Octokit (0.16.0)
      Microsoft.Net.Http
    RazorEngine (3.7.4)
      Microsoft.AspNet.Razor (>= 3.0.0) - framework: >= net45
      Microsoft.AspNet.Razor (2.0.30506.0) - framework: net40
GITHUB
  remote: fsharp/FAKE
  specs:
    modules/Octokit/Octokit.fsx (752592c55d7f9e2b7a10f1782cb4128703d7a7d3)
      Octokit
GROUP Scripts
NUGET
  remote: https://nuget.org/api/v2
  specs:
    MySql.Data (6.9.8)
    Newtonsoft.Json (7.0.1)
    Npgsql (2.2.7)

GROUP Tests
NUGET
  remote: https://nuget.org/api/v2
  specs:
    FSharp.Core (3.1.2.1)
    NUnit (2.6.4)
    NUnit.Runners (2.6.4)
