NUGET
  remote: https://www.nuget.org/api/v2
  specs:
    FAKE (4.12.0)
    FSharp.Compiler.Service (1.4.2.3)
    FSharp.Core (3.1.2.1)
    FSharp.Formatting (2.13.0)
      FSharp.Compiler.Service (>= 1.4.2 < 1.5.0)
      FSharpVSPowerTools.Core (>= 2.2.0 < 2.3.0)
    FSharpVSPowerTools.Core (2.2.0)
      FSharp.Compiler.Service (>= 1.4.2.0)
    Microsoft.AspNet.Razor (3.2.3) - framework: >= net45
    Microsoft.Bcl (1.1.10)
      Microsoft.Bcl.Build (>= 1.0.14)
    Microsoft.Bcl.Build (1.0.21) - import_targets: false
    Microsoft.Net.Http (2.2.29)
      Microsoft.Bcl (>= 1.1.10)
      Microsoft.Bcl.Build (>= 1.0.14)
    NuGet.CommandLine (2.8.6)
    NUnit (2.6.4)
    NUnit.Runners (2.6.4)
    Octokit (0.17.0)
      Microsoft.Net.Http
    RazorEngine (3.7.6)
      Microsoft.AspNet.Razor (>= 3.0.0) - framework: >= net45
      Microsoft.AspNet.Razor (2.0.30506) - framework: net40
GITHUB
  remote: fsharp/FAKE
  specs:
    modules/Octokit/Octokit.fsx (3834900476aed462f35ce3acc3ea5c4708971e43)
      Octokit
GROUP Scripts
NUGET
  remote: https://www.nuget.org/api/v2
  specs:
    MySql.Data (6.9.8)
    Newtonsoft.Json (8.0.1)
    Npgsql (2.2.7)
